GEM
  remote: https://rubygems.org/
  specs:
    ffi (1.15.5)
    rack (1.6.13)
    rack-protection (1.5.5)
      rack
    rb-fsevent (0.11.2)
    rb-inotify (0.10.1)
      ffi (~> 1.0)
    sass (3.5.3)
      sass-listen (~> 4.0.0)
    sass-listen (4.0.0)
      rb-fsevent (~> 0.9, >= 0.9.4)
      rb-inotify (~> 0.9, >= 0.9.7)
    sinatra (1.4.4)
      rack (~> 1.4)
      rack-protection (~> 1.4)
      tilt (~> 1.3, >= 1.3.4)
    tilt (1.4.1)
    webrick (1.7.0)

PLATFORMS
  x86_64-linux

DEPENDENCIES
  sass (>= 3.5.3, < 3.5.4)
  sinatra (>= 1.4.4, < 1.4.5)
  webrick

BUNDLED WITH
   2.3.5
